GEM
  remote: https://rubygems.org/
  specs:
    benchmark (0.2.0)
    enumerable-statistics (2.0.7)
    m (1.6.0)
      method_source (>= 0.6.7)
      rake (>= 0.9.2.2)
    method_source (1.0.0)
    power_assert (1.1.3)
    rake (13.0.6)
    test-unit (3.2.9)
      power_assert
    unicode_plot (0.0.5)
      enumerable-statistics (>= 2.0.1)
    youplot (0.4.4)
      unicode_plot (>= 0.0.5)

PLATFORMS
  ruby
  x86_64-darwin-18
  x86_64-linux

DEPENDENCIES
  benchmark
  m
  rake
  test-unit
  youplot

BUNDLED WITH
   2.2.26
