GEM
  remote: https://rubygems.org/
  specs:
    ast (2.4.2)
    benchmark (0.2.0)
    colorize (0.8.1)
    enumerable-statistics (2.0.7)
    ffi (1.15.5)
    json (2.6.3)
    language_server-protocol (3.17.0.3)
    listen (3.7.1)
      rb-fsevent (~> 0.10, >= 0.10.3)
      rb-inotify (~> 0.9, >= 0.9.10)
    m (1.6.0)
      method_source (>= 0.6.7)
      rake (>= 0.9.2.2)
    method_source (1.0.0)
    parallel (1.23.0)
    parser (3.2.2.4)
      ast (~> 2.4.1)
      racc
    power_assert (2.0.3)
    racc (1.7.3)
    rainbow (3.1.1)
    rake (13.0.6)
    rb-fsevent (0.11.2)
    rb-inotify (0.10.1)
      ffi (~> 1.0)
    regexp_parser (2.8.2)
    retest (1.10.0)
      listen (~> 3.2)
      string-similarity (~> 2.1)
      tty-option (~> 0.1)
    rexml (3.2.6)
    rubocop (1.57.2)
      json (~> 2.3)
      language_server-protocol (>= 3.17.0)
      parallel (~> 1.10)
      parser (>= 3.2.2.4)
      rainbow (>= 2.2.2, < 4.0)
      regexp_parser (>= 1.8, < 3.0)
      rexml (>= 3.2.5, < 4.0)
      rubocop-ast (>= 1.28.1, < 2.0)
      ruby-progressbar (~> 1.7)
      unicode-display_width (>= 2.4.0, < 3.0)
    rubocop-ast (1.30.0)
      parser (>= 3.2.1.0)
    ruby-progressbar (1.13.0)
    string-similarity (2.1.0)
    test-unit (3.6.1)
      power_assert
    tty-option (0.2.0)
    unicode-display_width (2.5.0)
    unicode_plot (0.0.5)
      enumerable-statistics (>= 2.0.1)
    youplot (0.4.5)
      unicode_plot (>= 0.0.5)

PLATFORMS
  ruby
  x86_64-darwin-18
  x86_64-linux

DEPENDENCIES
  benchmark
  colorize
  m
  rake
  retest
  rubocop
  test-unit
  youplot

BUNDLED WITH
   2.2.26
