GEM
  remote: https://rubygems.org/
  specs:
    benchmark (0.2.0)
    colorize (0.8.1)
    enumerable-statistics (2.0.7)
    ffi (1.15.5)
    listen (3.7.1)
      rb-fsevent (~> 0.10, >= 0.10.3)
      rb-inotify (~> 0.9, >= 0.9.10)
    m (1.6.0)
      method_source (>= 0.6.7)
      rake (>= 0.9.2.2)
    method_source (1.0.0)
    power_assert (1.1.3)
    rake (13.0.6)
    rb-fsevent (0.11.2)
    rb-inotify (0.10.1)
      ffi (~> 1.0)
    retest (1.10.0)
      listen (~> 3.2)
      string-similarity (~> 2.1)
      tty-option (~> 0.1)
    string-similarity (2.1.0)
    test-unit (3.2.9)
      power_assert
    tty-option (0.2.0)
    unicode_plot (0.0.5)
      enumerable-statistics (>= 2.0.1)
    youplot (0.4.4)
      unicode_plot (>= 0.0.5)

PLATFORMS
  ruby
  x86_64-darwin-18
  x86_64-linux

DEPENDENCIES
  benchmark
  colorize
  m
  rake
  retest
  test-unit
  youplot

BUNDLED WITH
   2.2.26
